GEM
  remote: http://rubygems.org/
  specs:
    jasmine (3.99.0)
      jasmine-core (= 3.99.0)
      phantomjs
      rack (>= 2.1.4)
      rake
      webrick
    jasmine-core (3.99.0)
    json (2.3.0)
    phantomjs (2.1.1.0)
    rack (2.2.13)
    rake (12.3.3)
    webrick (1.9.1)

PLATFORMS
  ruby

DEPENDENCIES
  jasmine
  json
  rake
